GEM
  remote: https://rubygems.org/
  specs:
    chronic (0.10.2)
    date (3.1.0)
    discordrb (3.4.0)
      discordrb-webhooks (~> 3.3.0)
      ffi (>= 1.9.24)
      opus-ruby
      rest-client (>= 2.0.0)
      websocket-client-simple (>= 0.3.0)
    discordrb-webhooks (3.3.0)
      rest-client (>= 2.1.0.rc1)
    domain_name (0.5.20190701)
      unf (>= 0.0.5, < 1.0.0)
    event_emitter (0.2.6)
    ffi (1.15.4)
    http-accept (1.7.0)
    http-cookie (1.0.4)
      domain_name (~> 0.5)
    mime-types (3.3.1)
      mime-types-data (~> 3.2015)
    mime-types-data (3.2021.0901)
    netrc (0.11.0)
    nokogiri (1.12.4-x86_64-linux)
      racc (~> 1.4)
    open-uri (0.1.0)
      stringio
      time
      uri
    opus-ruby (1.0.1)
      ffi
    racc (1.5.1)
    rest-client (2.1.0)
      http-accept (>= 1.7.0, < 2.0)
      http-cookie (>= 1.0.2, < 2.0)
      mime-types (>= 1.16, < 4.0)
      netrc (~> 0.8)
    stringio (3.0.0)
    time (0.1.0)
      date
    unf (0.1.4)
      unf_ext
    unf_ext (0.0.8)
    uri (0.10.1)
    websocket (1.2.9)
    websocket-client-simple (0.3.0)
      event_emitter
      websocket
    whenever (1.0.0)
      chronic (>= 0.6.3)

PLATFORMS
  x86_64-linux

DEPENDENCIES
  discordrb
  nokogiri
  open-uri
  whenever

BUNDLED WITH
   2.2.22
